PATH
  remote: .
  specs:
    activerecord-sort (6.0.0)
      activerecord (>= 6.0.0.rc1)

GEM
  remote: https://rubygems.org/
  specs:
    activemodel (6.0.0.rc1)
      activesupport (= 6.0.0.rc1)
    activerecord (6.0.0.rc1)
      activemodel (= 6.0.0.rc1)
      activesupport (= 6.0.0.rc1)
    activesupport (6.0.0.rc1)
      concurrent-ruby (~> 1.0, >= 1.0.2)
      i18n (>= 0.7, < 2)
      minitest (~> 5.1)
      tzinfo (~> 1.1)
      zeitwerk (~> 2.1, >= 2.1.4)
    ansi (1.5.0)
    builder (3.2.3)
    concurrent-ruby (1.1.5)
    docile (1.3.0)
    factory_bot (4.8.2)
      activesupport (>= 3.0.0)
    faker (1.8.7)
      i18n (>= 0.7)
    i18n (1.6.0)
      concurrent-ruby (~> 1.0)
    json (2.1.0)
    minitest (5.11.3)
    minitest-reporters (1.2.0)
      ansi
      builder
      minitest (>= 5.0)
      ruby-progressbar
    pg (1.0.0)
    rake (12.3.1)
    ruby-progressbar (1.9.0)
    simplecov (0.16.1)
      docile (~> 1.1)
      json (>= 1.8, < 3)
      simplecov-html (~> 0.10.0)
    simplecov-html (0.10.2)
    thread_safe (0.3.6)
    tzinfo (1.2.5)
      thread_safe (~> 0.1)
    zeitwerk (2.1.6)

PLATFORMS
  ruby

DEPENDENCIES
  activerecord-sort!
  bundler
  factory_bot
  faker
  minitest
  minitest-reporters
  pg
  rake
  simplecov

BUNDLED WITH
   1.17.1
